GEM
  remote: https://rubygems.org/
  specs:
    activesupport (5.0.0.1)
      concurrent-ruby (~> 1.0, >= 1.0.2)
      i18n (~> 0.7)
      minitest (~> 5.1)
      tzinfo (~> 1.1)
    alexa_skills_ruby (0.0.7)
      activesupport (>= 4.2)
      multi_json (~> 1.0)
    concurrent-ruby (1.0.2)
    dotenv (2.1.1)
    faraday (0.9.2)
      multipart-post (>= 1.2, < 3)
    gocardless_pro (1.0.5)
      faraday (>= 0.8.9, < 0.10)
    i18n (0.7.0)
    minitest (5.9.1)
    multi_json (1.12.1)
    multipart-post (2.0.0)
    prius (1.0.0)
    puma (3.6.0)
    rack (1.6.5)
    rack-protection (1.5.3)
      rack
    sinatra (1.4.7)
      rack (~> 1.5)
      rack-protection (~> 1.4)
      tilt (>= 1.3, < 3)
    thread_safe (0.3.5)
    tilt (2.0.5)
    tzinfo (1.2.2)
      thread_safe (~> 0.1)

PLATFORMS
  ruby

DEPENDENCIES
  alexa_skills_ruby
  dotenv
  gocardless_pro
  prius
  puma
  sinatra

RUBY VERSION
   ruby 2.3.1p112

BUNDLED WITH
   1.13.5
