GEM
  remote: https://rubygems.org/
  specs:
    dotenv (2.1.1)
    faraday (0.9.2)
      multipart-post (>= 1.2, < 3)
    gocardless_pro (1.0.5)
      faraday (>= 0.8.9, < 0.10)
    multipart-post (2.0.0)
    prius (1.0.0)
    rack (1.6.5)
    rack-protection (1.5.3)
      rack
    sinatra (1.4.7)
      rack (~> 1.5)
      rack-protection (~> 1.4)
      tilt (>= 1.3, < 3)
    tilt (2.0.5)

PLATFORMS
  ruby

DEPENDENCIES
  dotenv
  gocardless_pro
  prius
  sinatra

RUBY VERSION
   ruby 2.3.1p112

BUNDLED WITH
   1.13.5
